PATH
  remote: ~/src/charleston
  specs:
    charleston (0.1.2)
      haml (~> 3.0)
      rake (~> 0.8)
      rdiscount (~> 1.6)
      sass (~> 3.1)

GEM
  remote: https://rubygems.org/
  specs:
    haml (3.1.6)
    rake (0.9.2.2)
    rdiscount (1.6.8)
    sass (3.1.19)

PLATFORMS
  ruby

DEPENDENCIES
  charleston!
  rake
